PATH
  remote: .
  specs:
    easy-crypto (0.2.1)

GEM
  remote: https://rubygems.org/
  specs:
    diff-lcs (1.3)
    jruby-openssl (0.10.2-java)
    openssl (2.1.2)
    rake (12.3.2)
    rspec (3.8.0)
      rspec-core (~> 3.8.0)
      rspec-expectations (~> 3.8.0)
      rspec-mocks (~> 3.8.0)
    rspec-core (3.8.0)
      rspec-support (~> 3.8.0)
    rspec-expectations (3.8.2)
      diff-lcs (>= 1.2.0, < 2.0)
      rspec-support (~> 3.8.0)
    rspec-mocks (3.8.0)
      diff-lcs (>= 1.2.0, < 2.0)
      rspec-support (~> 3.8.0)
    rspec-support (3.8.0)

PLATFORMS
  java
  ruby

DEPENDENCIES
  bundler (~> 1.16)
  easy-crypto!
  jruby-openssl (~> 0.9, >= 0.9)
  openssl (~> 2.1.1, >= 2.1.1)
  rake (~> 12.3)
  rspec (~> 3.0)

BUNDLED WITH
   1.16.1
