PATH
  remote: .
  specs:
    easy-crypto (0.1.4)
      openssl (~> 2.1.1, >= 2.1.1)

GEM
  remote: https://rubygems.org/
  specs:
    diff-lcs (1.3)
    ipaddr (1.2.2)
    openssl (2.1.2)
      ipaddr
    rake (12.3.2)
    rspec (3.8.0)
      rspec-core (~> 3.8.0)
      rspec-expectations (~> 3.8.0)
      rspec-mocks (~> 3.8.0)
    rspec-core (3.8.0)
      rspec-support (~> 3.8.0)
    rspec-expectations (3.8.2)
      diff-lcs (>= 1.2.0, < 2.0)
      rspec-support (~> 3.8.0)
    rspec-mocks (3.8.0)
      diff-lcs (>= 1.2.0, < 2.0)
      rspec-support (~> 3.8.0)
    rspec-support (3.8.0)

PLATFORMS
  ruby

DEPENDENCIES
  bundler (~> 1.16)
  easy-crypto!
  rake (~> 12.3)
  rspec (~> 3.0)

BUNDLED WITH
   1.17.3
