PATH
  remote: .
  specs:
    easy-crypto (0.2.1)

GEM
  remote: https://rubygems.org/
  specs:
    diff-lcs (1.3)
    ipaddr (1.2.2)
    jruby-openssl (0.10.2-java)
    openssl (2.1.2)
      ipaddr
    rake (12.3.3)
    rspec (3.9.0)
      rspec-core (~> 3.9.0)
      rspec-expectations (~> 3.9.0)
      rspec-mocks (~> 3.9.0)
    rspec-core (3.9.1)
      rspec-support (~> 3.9.1)
    rspec-expectations (3.9.0)
      diff-lcs (>= 1.2.0, < 2.0)
      rspec-support (~> 3.9.0)
    rspec-mocks (3.9.1)
      diff-lcs (>= 1.2.0, < 2.0)
      rspec-support (~> 3.9.0)
    rspec-support (3.9.2)

PLATFORMS
  java
  ruby

DEPENDENCIES
  bundler (~> 1.16)
  easy-crypto!
  jruby-openssl (~> 0.9)
  openssl (~> 2.1.2)
  rake (~> 12.3)
  rspec (~> 3.0)

BUNDLED WITH
   1.17.3
